{
	"Modality": "MR",
	"MagneticFieldStrength": 1.5,
	"ImagingFrequency": 63.5881,
	"Manufacturer": "Siemens",
	"ManufacturersModelName": "Espree",
	"InstitutionName": "Glen Waverley Radiology",
	"InstitutionalDepartmentName": "Department",
	"StationName": "MRC30492",
	"PatientPosition": "HFS",
	"ProcedureStepDescription": "MRI NR Head",
	"SoftwareVersions": "syngo MR B17",
	"MRAcquisitionType": "3D",
	"SeriesDescription": "t1_3D_GE_sag_iso",
	"ProtocolName": "t1_3D_GE_sag_iso",
	"ScanningSequence": "GR\\IR",
	"SequenceVariant": "SP\\MP",
	"ScanOptions": "IR",
	"SequenceName": "tfl3d1",
	"ImageType": ["ORIGINAL", "PRIMARY", "M", "ND", "NORM"],
	"NonlinearGradientCorrection": false,
	"SeriesNumber": 3,
	"AcquisitionTime": "12:55:54.542500",
	"AcquisitionNumber": 1,
	"SliceThickness": 1,
	"SAR": 0.0223841,
	"EchoTime": 0.00302,
	"RepetitionTime": 1.65,
	"InversionTime": 1.1,
	"FlipAngle": 15,
	"PercentPhaseFOV": 81.25,
	"PercentSampling": 100,
	"PhaseEncodingSteps": 208,
	"AcquisitionMatrixPE": 208,
	"ReconMatrixPE": 208,
	"PixelBandwidth": 179,
	"ImageOrientationPatientDICOM": [
		0.0489029,
		0.998804,
		-6.08477e-08,
		-0.0267026,
		0.00130734,
		-0.999643	],
	"InPlanePhaseEncodingDirectionDICOM": "ROW",
	"ConversionSoftware": "dcm2niix",
	"ConversionSoftwareVersion": "v1.0.20220720"
}
