{
	"Modality": "MR",
	"MagneticFieldStrength": 3,
	"ImagingFrequency": 123.232,
	"Manufacturer": "Siemens",
	"ManufacturersModelName": "TrioTim",
	"InstitutionName": "Brain Research Institute",
	"InstitutionalDepartmentName": "Department",
	"StationName": "MRC35199",
	"PatientPosition": "HFS",
	"ProcedureStepDescription": "2011_BRI PROTOCOLS VB17^Alzheimers",
	"SoftwareVersions": "syngo MR B17",
	"MRAcquisitionType": "3D",
	"SeriesDescription": "MPRAGE ADNI confirmed",
	"ProtocolName": "MPRAGE ADNI confirmed",
	"ScanningSequence": "GR\\IR",
	"SequenceVariant": "SP\\MP",
	"ScanOptions": "IR",
	"SequenceName": "tfl3d1_ns",
	"ImageType": ["ORIGINAL", "PRIMARY", "M", "ND", "NORM"],
	"NonlinearGradientCorrection": false,
	"SeriesNumber": 2,
	"AcquisitionTime": "12:51:7.840000",
	"AcquisitionNumber": 1,
	"SliceThickness": 1.2,
	"SAR": 0.092209,
	"EchoTime": 0.00298,
	"RepetitionTime": 2.3,
	"InversionTime": 0.9,
	"FlipAngle": 9,
	"PercentPhaseFOV": 93.75,
	"PercentSampling": 100,
	"PhaseEncodingSteps": 240,
	"AcquisitionMatrixPE": 240,
	"ReconMatrixPE": 240,
	"PixelBandwidth": 238,
	"ImageOrientationPatientDICOM": [
		0.00873298,
		0.999962,
		-8.01169e-09,
		-0.0383849,
		0.000335219,
		-0.999263	],
	"InPlanePhaseEncodingDirectionDICOM": "ROW",
	"ConversionSoftware": "dcm2niix",
	"ConversionSoftwareVersion": "v1.0.20220720"
}
