{
	"Modality": "MR",
	"MagneticFieldStrength": 1.5,
	"ImagingFrequency": 63.5887,
	"Manufacturer": "Siemens",
	"ManufacturersModelName": "Espree",
	"InstitutionName": "Glen Waverley Radiology",
	"InstitutionalDepartmentName": "Department",
	"StationName": "MRC30492",
	"PatientPosition": "HFS",
	"ProcedureStepDescription": "MRI NR Head",
	"SoftwareVersions": "syngo MR B17",
	"MRAcquisitionType": "3D",
	"SeriesDescription": "t1_3D_GE_sag_iso",
	"ProtocolName": "t1_3D_GE_sag_iso",
	"ScanningSequence": "GR\\IR",
	"SequenceVariant": "SP\\MP",
	"ScanOptions": "IR",
	"SequenceName": "tfl3d1",
	"ImageType": ["ORIGINAL", "PRIMARY", "M", "ND", "NORM"],
	"NonlinearGradientCorrection": false,
	"SeriesNumber": 3,
	"AcquisitionTime": "14:43:44.255000",
	"AcquisitionNumber": 1,
	"SliceThickness": 1,
	"SAR": 0.0221042,
	"EchoTime": 0.00302,
	"RepetitionTime": 1.65,
	"InversionTime": 1.1,
	"FlipAngle": 15,
	"PercentPhaseFOV": 84.375,
	"PercentSampling": 100,
	"PhaseEncodingSteps": 216,
	"AcquisitionMatrixPE": 216,
	"ReconMatrixPE": 216,
	"PixelBandwidth": 179,
	"ImageOrientationPatientDICOM": [
		0.0645934,
		0.997912,
		7.9008e-09,
		0.00811959,
		-0.000525561,
		-0.999967	],
	"InPlanePhaseEncodingDirectionDICOM": "ROW",
	"ConversionSoftware": "dcm2niix",
	"ConversionSoftwareVersion": "v1.0.20220720"
}
